GEM
  remote: http://rubygems.org/
  specs:
    activesupport (3.2.8)
      i18n (~> 0.6)
      multi_json (~> 1.0)
    bootstrap-sass (2.1.0.1)
    haml (3.1.7)
    hike (1.2.1)
    i18n (0.6.1)
    multi_json (1.3.7)
    rack (1.4.1)
    rack-protection (1.2.0)
      rack
    sass (3.2.3)
    sinatra (1.3.3)
      rack (~> 1.3, >= 1.3.6)
      rack-protection (~> 1.2)
      tilt (~> 1.3, >= 1.3.3)
    sprockets (2.8.1)
      hike (~> 1.2)
      multi_json (~> 1.0)
      rack (~> 1.0)
      tilt (~> 1.1, != 1.3.0)
    sprockets-helpers (0.7.2)
      sprockets (~> 2.0)
    sprockets-sass (0.9.1)
      sprockets (~> 2.0)
      tilt (~> 1.1)
    tilt (1.3.3)

PLATFORMS
  ruby

DEPENDENCIES
  activesupport
  bootstrap-sass
  haml
  sass
  sinatra
  sprockets
  sprockets-helpers
  sprockets-sass
